GIT
  remote: git://github.com/SnapDocs/lita-github-pinger.git
  revision: 57be3cf3c72c8760e7475168e26086ba5d961a73
  ref: 57be3cf
  specs:
    lita-github-pinger (0.6.6)
      lita (>= 4.4)

GEM
  remote: https://rubygems.org/
  specs:
    activesupport (5.0.2)
      concurrent-ruby (~> 1.0, >= 1.0.2)
      i18n (~> 0.7)
      minitest (~> 5.1)
      tzinfo (~> 1.1)
    awesome_print (1.7.0)
    chronic (0.10.2)
    concurrent-ruby (1.0.5)
    crack (0.4.3)
      safe_yaml (~> 1.0.0)
    crass (1.0.2)
    eventmachine (1.0.8)
    faraday (0.11.0)
      multipart-post (>= 1.2, < 3)
    faraday_middleware (0.11.0.1)
      faraday (>= 0.7.4, < 1.0)
    faye-websocket (0.10.0)
      eventmachine (>= 0.12.0)
      websocket-driver (>= 0.5.1)
    gli (2.15.0)
    hashie (3.5.5)
    http_router (0.11.2)
      rack (>= 1.0.0)
      url_mount (~> 0.2.1)
    i18n (0.8.1)
    ice_nine (0.11.2)
    json (2.0.3)
    lita (4.7.1)
      bundler (>= 1.3)
      faraday (>= 0.8.7)
      http_router (>= 0.11.2)
      i18n (>= 0.6.9)
      ice_nine (>= 0.11.0)
      multi_json (>= 1.7.7)
      puma (>= 2.7.1)
      rack (>= 1.5.2, < 2.0.0)
      rb-readline (>= 0.5.1)
      redis-namespace (>= 1.3.0)
      thor (>= 0.18.1)
    lita-karma (3.0.2)
      lita (>= 4.0)
    lita-markov (1.2.1)
      lita (>= 4.6)
      mysql2 (~> 0.4.1)
      oj (~> 2.13.1)
      pg (~> 0.18.4)
      sequel (~> 4.28.0)
    lita-regexcellent (0.1.2)
      chronic
      lita (>= 4.6)
      slack-ruby-client
    lita-slack (1.7.0)
      eventmachine
      faraday
      faye-websocket (>= 0.8.0)
      lita (>= 4.6.0)
      multi_json
    lita-wikipedia (0.1.0)
      lita (>= 3.1)
      nokogiri (>= 1.6.6)
      sanitize (>= 3.1.2)
    mini_portile (0.6.2)
    minitest (5.10.1)
    multi_json (1.12.1)
    multipart-post (2.0.0)
    mysql2 (0.4.4)
    nokogiri (1.6.6.2)
      mini_portile (~> 0.6.0)
    nokogumbo (1.4.1)
      nokogiri
    oj (2.13.1)
    pg (0.18.4)
    puma (3.7.1)
    rack (1.6.5)
    rb-readline (0.5.4)
    redis (3.3.3)
    redis-namespace (1.5.3)
      redis (~> 3.0, >= 3.0.4)
    safe_yaml (1.0.4)
    sanitize (4.0.0)
      crass (~> 1.0.2)
      nokogiri (>= 1.4.4)
      nokogumbo (= 1.4.1)
    sequel (4.28.0)
    slack-ruby-client (0.7.9)
      activesupport
      faraday (>= 0.9)
      faraday_middleware
      gli
      hashie
      json
      websocket-driver
    thor (0.19.4)
    thread_safe (0.3.6)
    tzinfo (1.2.2)
      thread_safe (~> 0.1)
    url_mount (0.2.1)
      rack
    websocket-driver (0.6.5)
      websocket-extensions (>= 0.1.0)
    websocket-extensions (0.1.2)

PLATFORMS
  ruby

DEPENDENCIES
  awesome_print
  crack
  lita
  lita-github-pinger!
  lita-karma
  lita-markov
  lita-regexcellent
  lita-slack
  lita-wikipedia
  pg

BUNDLED WITH
   1.14.3
